GEM
  remote: http://rubygems.org/
  specs:
    addressable (2.3.8)
    builder (3.2.2)
    docile (1.1.5)
    faraday (0.8.11)
      multipart-post (~> 1.2.0)
    git (1.2.9.1)
    github_api (0.10.1)
      addressable
      faraday (~> 0.8.1)
      hashie (>= 1.2)
      multi_json (~> 1.4)
      nokogiri (~> 1.5.2)
      oauth2
    hashie (3.4.2)
    highline (1.7.8)
    jeweler (1.8.8)
      builder
      bundler (~> 1.0)
      git (>= 1.2.5)
      github_api (= 0.10.1)
      highline (>= 1.6.15)
      nokogiri (= 1.5.10)
      rake
      rdoc
    json (1.8.3)
    jwt (1.5.1)
    metaclass (0.0.4)
    minitest (5.8.1)
    mocha (1.1.0)
      metaclass (~> 0.0.1)
    multi_json (1.11.2)
    multi_xml (0.5.5)
    multipart-post (1.2.0)
    newrelic_rpm (3.13.2.302)
    nokogiri (1.5.10)
    oauth2 (1.0.0)
      faraday (>= 0.8, < 0.10)
      jwt (~> 1.0)
      multi_json (~> 1.3)
      multi_xml (~> 0.5)
      rack (~> 1.2)
    rack (1.6.4)
    rake (10.4.2)
    rdoc (3.12.2)
      json (~> 1.4)
    simplecov (0.10.0)
      docile (~> 1.1.0)
      json (~> 1.8)
      simplecov-html (~> 0.10.0)
    simplecov-html (0.10.0)

PLATFORMS
  ruby

DEPENDENCIES
  bundler (~> 1.0)
  jeweler (~> 1.8.7)
  minitest
  mocha
  newrelic_rpm
  rdoc (~> 3.12)
  simplecov
